GEM
  remote: https://rubygems.org/
  specs:
    actionmailer (3.2.0.rc2)
      actionpack (= 3.2.0.rc2)
      mail (~> 2.3.0)
    actionpack (3.2.0.rc2)
      activemodel (= 3.2.0.rc2)
      activesupport (= 3.2.0.rc2)
      builder (~> 3.0.0)
      erubis (~> 2.7.0)
      journey (~> 1.0.0.rc1)
      rack (~> 1.4.0)
      rack-cache (~> 1.1)
      rack-test (~> 0.6.1)
      sprockets (~> 2.1.2)
    activemodel (3.2.0.rc2)
      activesupport (= 3.2.0.rc2)
      builder (~> 3.0.0)
    activerecord (3.2.0.rc2)
      activemodel (= 3.2.0.rc2)
      activesupport (= 3.2.0.rc2)
      arel (~> 3.0.0.rc1)
      tzinfo (~> 0.3.29)
    activeresource (3.2.0.rc2)
      activemodel (= 3.2.0.rc2)
      activesupport (= 3.2.0.rc2)
    activesupport (3.2.0.rc2)
      i18n (~> 0.6)
      multi_json (~> 1.0)
    arel (3.0.0.rc1)
    bcrypt-ruby (3.0.1)
    builder (3.0.0)
    capistrano (2.9.0)
      highline
      net-scp (>= 1.0.0)
      net-sftp (>= 2.0.0)
      net-ssh (>= 2.0.14)
      net-ssh-gateway (>= 1.1.0)
    cgi_multipart_eof_fix (2.5.0)
    coffee-rails (3.2.1)
      coffee-script (>= 2.2.0)
      railties (~> 3.2.0.beta)
    coffee-script (2.2.0)
      coffee-script-source
      execjs
    coffee-script-source (1.2.0)
    daemons (1.1.5)
    devise (1.5.3)
      bcrypt-ruby (~> 3.0)
      orm_adapter (~> 0.0.3)
      warden (~> 1.1)
    erubis (2.7.0)
    execjs (1.2.13)
      multi_json (~> 1.0)
    fastthread (1.0.7)
    gem_plugin (0.2.3)
    haml (3.1.4)
    haml-rails (0.3.4)
      actionpack (~> 3.0)
      activesupport (~> 3.0)
      haml (~> 3.0)
      railties (~> 3.0)
    highline (1.6.9)
    hike (1.2.1)
    i18n (0.6.0)
    journey (1.0.0.rc4)
    jquery-rails (2.0.0)
      railties (>= 3.2.0.beta, < 5.0)
      thor (~> 0.14)
    json (1.6.4)
    libv8 (3.3.10.4)
    mail (2.3.0)
      i18n (>= 0.4.0)
      mime-types (~> 1.16)
      treetop (~> 1.4.8)
    mime-types (1.17.2)
    mongrel (1.1.5)
      cgi_multipart_eof_fix (>= 2.4)
      daemons (>= 1.0.3)
      fastthread (>= 1.0.1)
      gem_plugin (>= 0.2.3)
    multi_json (1.0.4)
    mysql2 (0.3.11)
    net-scp (1.0.4)
      net-ssh (>= 1.99.1)
    net-sftp (2.0.5)
      net-ssh (>= 2.0.9)
    net-ssh (2.2.2)
    net-ssh-gateway (1.1.0)
      net-ssh (>= 1.99.1)
    orm_adapter (0.0.5)
    polyglot (0.3.3)
    rack (1.4.0)
    rack-cache (1.1)
      rack (>= 0.4)
    rack-ssl (1.3.2)
      rack
    rack-test (0.6.1)
      rack (>= 1.0)
    rails (3.2.0.rc2)
      actionmailer (= 3.2.0.rc2)
      actionpack (= 3.2.0.rc2)
      activerecord (= 3.2.0.rc2)
      activeresource (= 3.2.0.rc2)
      activesupport (= 3.2.0.rc2)
      bundler (~> 1.0)
      railties (= 3.2.0.rc2)
    railties (3.2.0.rc2)
      actionpack (= 3.2.0.rc2)
      activesupport (= 3.2.0.rc2)
      rack-ssl (~> 1.3.2)
      rake (>= 0.8.7)
      rdoc (~> 3.4)
      thor (~> 0.14.6)
    rake (0.9.2.2)
    rdoc (3.12)
      json (~> 1.4)
    sass (3.1.12)
    sass-rails (3.2.3)
      railties (~> 3.2.0.beta)
      sass (>= 3.1.10)
      tilt (~> 1.3)
    simple_form (1.5.2)
      actionpack (~> 3.0)
      activemodel (~> 3.0)
    sprockets (2.1.2)
      hike (~> 1.2)
      rack (~> 1.0)
      tilt (~> 1.1, != 1.3.0)
    therubyracer (0.9.9)
      libv8 (~> 3.3.10)
    thor (0.14.6)
    tilt (1.3.3)
    treetop (1.4.10)
      polyglot
      polyglot (>= 0.3.1)
    tzinfo (0.3.31)
    uglifier (1.2.1)
      execjs (>= 0.3.0)
      multi_json (>= 1.0.2)
    warden (1.1.0)
      rack (>= 1.0)

PLATFORMS
  ruby

DEPENDENCIES
  capistrano
  coffee-rails (~> 3.2.0)
  devise
  execjs
  haml-rails
  jquery-rails
  json
  mongrel
  mysql2
  rails (= 3.2.0.rc2)
  sass-rails (~> 3.2.3)
  simple_form
  therubyracer
  uglifier (>= 1.0.3)
